NUGET
  remote: https://www.nuget.org/api/v2
  specs:
    Chessie (0.5.1)
      FSharp.Core
    DotLiquid (1.8)
    FAKE (4.25.4)
    FsCheck (2.3)
      FSharp.Core (>= 3.1.2.5)
    FsCheck.Nunit (2.3)
      FsCheck (>= 2.3)
      NUnit (>= 2.6.4 < 2.7)
      NUnit.Runners (>= 2.6.4 < 2.7)
    FSharp.Control.AsyncSeq (2.0.8)
    FSharp.Core (4.0.0.1)
    FSharpx.Async (1.12)
      FSharp.Control.AsyncSeq
    FSharpx.Collections (1.14)
      FSharp.Core (>= 3.0)
    FSharpx.Extras (1.10.3)
      FSharpx.Async (>= 1.12)
      FSharpx.Collections (>= 1.10.1)
    FsUnit (1.4.1)
      FSharp.Core (>= 3.1.2.5)
      NUnit (2.6.4)
    NUnit (2.6.4)
    NUnit.Runners (2.6.4)
    NUnitTestAdapter (2.0)
    Suave (1.1.2)
      FSharp.Core (>= 3.1.2.5)
    Suave.DotLiquid (1.1.2)
      DotLiquid (>= 1.8)
      FSharp.Core (>= 3.1.2.5)
      Suave (>= 1.1.2)
